GEM
  remote: http://rubygems.org/
  specs:
    commonjs (0.2.6)
    execjs (1.4.0)
      multi_json (~> 1.0)
    less (2.2.1)
      commonjs (~> 0.2.6)
    multi_json (1.3.6)
    rainpress (1.0)
    rake (0.9.2.2)
    uglifier (1.2.7)
      execjs (>= 0.3.0)
      multi_json (~> 1.3)

PLATFORMS
  ruby

DEPENDENCIES
  less
  rainpress
  rake
  uglifier
